GEM
  remote: https://rubygems.org/
  specs:
    rack (3.0.3)
    robocop (0.1.1)
      rack

PLATFORMS
  x64-mingw-ucrt

DEPENDENCIES
  robocop

BUNDLED WITH
   2.3.26
